GEM
  remote: http://rubygems.org/
  specs:
    activesupport (3.2.9)
      i18n (~> 0.6)
      multi_json (~> 1.0)
    builder (3.1.4)
    i18n (0.6.1)
    multi_json (1.5.0)

PLATFORMS
  ruby

DEPENDENCIES
  activesupport (~> 3.2.9)
  builder (~> 3.1.4)
